GEM
  remote: https://rubygems.org/
  specs:
    amq-protocol (1.9.2)
    amqp (1.5.0)
      amq-protocol (>= 1.9.2)
      eventmachine
    eventmachine (1.0.5)

PLATFORMS
  ruby

DEPENDENCIES
  amqp
